GEM
  remote: http://rubygems.org/
  specs:
    RedCloth (4.2.8)
    aaronh-chronic (0.3.9)
    acceptable (0.2.3)
      rack (>= 1.0.0)
    actionmailer (3.1.0)
      actionpack (= 3.1.0)
      mail (~> 2.3.0)
    actionpack (3.1.0)
      activemodel (= 3.1.0)
      activesupport (= 3.1.0)
      builder (~> 3.0.0)
      erubis (~> 2.7.0)
      i18n (~> 0.6)
      rack (~> 1.3.2)
      rack-cache (~> 1.0.3)
      rack-mount (~> 0.8.2)
      rack-test (~> 0.6.1)
      sprockets (~> 2.0.0)
    activeldap (3.1.0)
      activemodel (~> 3.1.0.rc4)
      fast_gettext
      gettext_i18n_rails
      locale
    activemodel (3.1.0)
      activesupport (= 3.1.0)
      bcrypt-ruby (~> 3.0.0)
      builder (~> 3.0.0)
      i18n (~> 0.6)
    activerecord (3.1.0)
      activemodel (= 3.1.0)
      activesupport (= 3.1.0)
      arel (~> 2.2.1)
      tzinfo (~> 0.3.29)
    activeresource (3.1.0)
      activemodel (= 3.1.0)
      activesupport (= 3.1.0)
    activesupport (3.1.0)
      multi_json (~> 1.0)
    amatch (0.2.5)
    arel (2.2.1)
    authlogic (3.0.3)
      activerecord (>= 3.0.7)
      activerecord (>= 3.0.7)
    bcrypt-ruby (3.0.0)
    builder (3.0.0)
    cancan (1.6.5)
    coffee-rails (3.1.0)
      coffee-script (>= 2.2.0)
      railties (~> 3.1.0.rc1)
    coffee-script (2.2.0)
      coffee-script-source
      execjs
    coffee-script-source (1.1.2)
    configatron (2.8.2)
      yamler (>= 0.1.0)
    cover_me (1.1.2)
      configatron
      hashie
    date_easter (0.0.1)
    diff-lcs (1.1.2)
    erubis (2.7.0)
    execjs (1.2.4)
      multi_json (~> 1.0)
    fast_gettext (0.5.13)
    foreigner (0.9.2)
    gettext_i18n_rails (0.2.20)
      fast_gettext
    globalize3 (0.1.0)
      activemodel (>= 3.0.0)
      activerecord (>= 3.0.0)
    haml (3.1.2)
    hashie (1.1.0)
    hike (1.2.1)
    i18n (0.6.0)
    jquery-rails (1.0.13)
      railties (~> 3.0)
      thor (~> 0.14)
    kaminari (0.12.4)
      rails (>= 3.0.0)
    libv8 (3.3.10.2)
    locale (2.0.5)
    machinist (2.0.0.beta2)
    mail (2.3.0)
      i18n (>= 0.4.0)
      mime-types (~> 1.16)
      treetop (~> 1.4.8)
    mechanize (1.0.0)
      nokogiri (>= 1.2.1)
    mime-types (1.16)
    multi_json (1.0.3)
    nokogiri (1.5.0)
    pg (0.11.0)
    polyglot (0.3.2)
    rack (1.3.2)
    rack-cache (1.0.3)
      rack (>= 0.4)
    rack-mount (0.8.3)
      rack (>= 1.0.0)
    rack-ssl (1.3.2)
      rack
    rack-test (0.6.1)
      rack (>= 1.0)
    rails (3.1.0)
      actionmailer (= 3.1.0)
      actionpack (= 3.1.0)
      activerecord (= 3.1.0)
      activeresource (= 3.1.0)
      activesupport (= 3.1.0)
      bundler (~> 1.0)
      railties (= 3.1.0)
    railties (3.1.0)
      actionpack (= 3.1.0)
      activesupport (= 3.1.0)
      rack-ssl (~> 1.3.2)
      rake (>= 0.8.7)
      rdoc (~> 3.4)
      thor (~> 0.14.6)
    rake (0.9.2)
    rdoc (3.9.4)
    ri_cal (0.8.8)
    rspec (2.6.0)
      rspec-core (~> 2.6.0)
      rspec-expectations (~> 2.6.0)
      rspec-mocks (~> 2.6.0)
    rspec-core (2.6.4)
    rspec-expectations (2.6.0)
      diff-lcs (~> 1.1.2)
    rspec-mocks (2.6.0)
    rspec-rails (2.6.1)
      actionpack (~> 3.0)
      activesupport (~> 3.0)
      railties (~> 3.0)
      rspec (~> 2.6.0)
    ruby-ldap (0.9.11)
    sass (3.1.7)
    sass-rails (3.1.0)
      actionpack (~> 3.1.0)
      railties (~> 3.1.0)
      sass (>= 3.1.4)
    shoulda-matchers (1.0.0.beta3)
    sprockets (2.0.0)
      hike (~> 1.2)
      rack (~> 1.0)
      tilt (!= 1.3.0, ~> 1.1)
    therubyracer (0.9.4)
      libv8 (~> 3.3.10)
    thor (0.14.6)
    tilt (1.3.3)
    treetop (1.4.10)
      polyglot
      polyglot (>= 0.3.1)
    tzinfo (0.3.29)
    uglifier (1.0.3)
      execjs (>= 0.3.0)
      multi_json (>= 1.0.2)
    uuidtools (2.1.2)
    whenever (0.6.8)
      aaronh-chronic (>= 0.3.9)
      activesupport (>= 2.3.4)
    wirble (0.1.3)
    yamler (0.1.0)

PLATFORMS
  ruby

DEPENDENCIES
  RedCloth (~> 4.2.7)
  acceptable (~> 0.2.3)
  activeldap (~> 3.1.0)
  amatch (~> 0.2.5)
  authlogic (~> 3.0.3)
  cancan (~> 1.6.5)
  coffee-rails (~> 3.1.0)
  cover_me (~> 1.1.2)
  date_easter (~> 0.0.1)
  foreigner (~> 0.9.2)
  globalize3 (~> 0.1.0)
  haml (~> 3.1.2)
  jquery-rails (~> 1.0.13)
  kaminari (~> 0.12.4)
  machinist (~> 2.0.0.beta2)
  mechanize (~> 1.0.0)
  net-ldap (~> 0.2.2)
  nokogiri (~> 1.5.0)
  pg (~> 0.11.0)
  rails (= 3.1.0)
  rake (~> 0.9.2)
  ri_cal (~> 0.8.8)
  rspec-rails (~> 2.6.1)
  ruby-ldap (~> 0.9.11)
  sass-rails (~> 3.1.0)
  shoulda-matchers (~> 1.0.0.beta3)
  therubyracer (~> 0.9.4)
  uglifier (~> 1.0.3)
  uuidtools (~> 2.1.2)
  whenever (~> 0.6.7)
  wirble (~> 0.1.3)
