GEM
  remote: http://rubygems.org/
  specs:
    RedCloth (4.2.7)
    aaronh-chronic (0.3.9)
    abstract (1.0.0)
    acceptable (0.2.3)
      rack (>= 1.0.0)
    actionmailer (3.0.7)
      actionpack (= 3.0.7)
      mail (~> 2.2.15)
    actionpack (3.0.7)
      activemodel (= 3.0.7)
      activesupport (= 3.0.7)
      builder (~> 2.1.2)
      erubis (~> 2.6.6)
      i18n (~> 0.5.0)
      rack (~> 1.2.1)
      rack-mount (~> 0.6.14)
      rack-test (~> 0.5.7)
      tzinfo (~> 0.3.23)
    activemodel (3.0.7)
      activesupport (= 3.0.7)
      builder (~> 2.1.2)
      i18n (~> 0.5.0)
    activerecord (3.0.7)
      activemodel (= 3.0.7)
      activesupport (= 3.0.7)
      arel (~> 2.0.2)
      tzinfo (~> 0.3.23)
    activeresource (3.0.7)
      activemodel (= 3.0.7)
      activesupport (= 3.0.7)
    activesupport (3.0.7)
    amatch (0.2.5)
    arel (2.0.9)
    builder (2.1.2)
    configatron (2.7.2)
      yamler (>= 0.1.0)
    cover_me (1.0.0.rc6)
      configatron
      hashie
    diff-lcs (1.1.2)
    erubis (2.6.6)
      abstract (>= 1.0.0)
    globalize3 (0.1.0.beta)
      activemodel (>= 3.0.0)
      activerecord (>= 3.0.0)
    haml (3.0.25)
    hashie (1.0.0)
    i18n (0.5.0)
    jquery-rails (0.2.7)
      rails (~> 3.0)
      thor (~> 0.14.4)
    machinist (2.0.0.beta2)
    mail (2.2.19)
      activesupport (>= 2.3.6)
      i18n (>= 0.4.0)
      mime-types (~> 1.16)
      treetop (~> 1.4.8)
    mechanize (1.0.0)
      nokogiri (>= 1.2.1)
    mime-types (1.16)
    nokogiri (1.4.4)
    pg (0.10.1)
    polyglot (0.3.1)
    rack (1.2.2)
    rack-mount (0.6.14)
      rack (>= 1.0.0)
    rack-test (0.5.7)
      rack (>= 1.0)
    rails (3.0.7)
      actionmailer (= 3.0.7)
      actionpack (= 3.0.7)
      activerecord (= 3.0.7)
      activeresource (= 3.0.7)
      activesupport (= 3.0.7)
      bundler (~> 1.0)
      railties (= 3.0.7)
    railties (3.0.7)
      actionpack (= 3.0.7)
      activesupport (= 3.0.7)
      rake (>= 0.8.7)
      thor (~> 0.14.4)
    rake (0.8.7)
    ri_cal (0.8.8)
    rspec (2.6.0.rc2)
      rspec-core (= 2.6.0.rc2)
      rspec-expectations (= 2.6.0.rc2)
      rspec-mocks (= 2.6.0.rc2)
    rspec-core (2.6.0.rc2)
    rspec-expectations (2.6.0.rc2)
      diff-lcs (~> 1.1.2)
    rspec-mocks (2.6.0.rc2)
    rspec-rails (2.6.0.rc2)
      actionpack (~> 3.0)
      activesupport (~> 3.0)
      railties (~> 3.0)
      rspec (= 2.6.0.rc2)
    shoulda-matchers (1.0.0.beta2)
    thor (0.14.6)
    treetop (1.4.9)
      polyglot (>= 0.3.1)
    tzinfo (0.3.27)
    uuidtools (2.1.2)
    whenever (0.6.7)
      aaronh-chronic (>= 0.3.9)
      activesupport (>= 2.3.4)
    wirble (0.1.3)
    yamler (0.1.0)

PLATFORMS
  ruby

DEPENDENCIES
  RedCloth (~> 4.2.7)
  acceptable (~> 0.2.3)
  amatch (~> 0.2.5)
  cover_me (~> 1.0.0.rc6)
  globalize3 (~> 0.1.0.beta)
  haml (~> 3.0.25)
  jquery-rails (~> 0.2.7)
  machinist (~> 2.0.0.beta2)
  mechanize (~> 1.0.0)
  pg (~> 0.10.1)
  rails (= 3.0.7)
  ri_cal (~> 0.8.8)
  rspec-rails (~> 2.6.0.rc2)
  shoulda-matchers (~> 1.0.0.beta2)
  uuidtools (~> 2.1.2)
  whenever (~> 0.6.7)
  wirble (~> 0.1.3)
